GEM
  remote: https://rubygems.org/
  specs:
    git (1.2.6)
    json_pure (1.8.0)
    rack (1.5.2)

PLATFORMS
  ruby

DEPENDENCIES
  git
  json_pure
  rack
